GEM
  remote: https://rubygems.org/
  specs:
    elasticsearch (1.0.1)
      elasticsearch-api (= 1.0.1)
      elasticsearch-transport (= 1.0.1)
    elasticsearch-api (1.0.1)
      multi_json
    elasticsearch-transport (1.0.1)
      faraday
      multi_json
    faraday (0.9.0)
      multipart-post (>= 1.2, < 3)
    json (1.7.5)
    mini_portile (0.5.2)
    mixlib-cli (1.4.0)
    multi_json (1.9.0)
    multipart-post (2.0.0)
    nokogiri (1.6.1)
      mini_portile (~> 0.5.0)
    patron (0.4.18)
    usfx (0.1.3)
      nokogiri (>= 1.6.0)

PLATFORMS
  ruby

DEPENDENCIES
  elasticsearch
  json
  mixlib-cli
  patron
  usfx
